GIT
  remote: git://github.com/convio/watir-webdriver.git
  revision: c2b0540b30aef1cb175825e24e7bf63b23f5b4f4
  specs:
    watir-webdriver (0.6.2.1)
      selenium-webdriver (>= 2.18.0)

GIT
  remote: git://github.com/convio/watirmark.git
  revision: 6d44f3e86af0184dd9b898b41f4191752765f36f
  specs:
    watirmark (5.23.0)
      activesupport (~> 3.1.11)
      american_date (~> 1.0)
      i18n (~> 0.6.1)
      logger (~> 1.2.8)
      nokogiri (~> 1.5.10)
      selenium-webdriver (~> 2.39.0)
      thor
      uuid (~> 2.3.6)
      watir-webdriver (>= 0.6.1)

GEM
  remote: http://rubygems.org/
  specs:
    activesupport (3.1.12)
      multi_json (~> 1.0)
    american_date (1.1.0)
    childprocess (0.4.0)
      ffi (~> 1.0, >= 1.0.11)
    ffi (1.9.3)
    ffi (1.9.3-x86-mingw32)
    i18n (0.6.9)
    logger (1.2.8)
    macaddr (1.6.2)
    multi_json (1.8.4)
    nokogiri (1.5.11)
    nokogiri (1.5.11-x86-mingw32)
    rake (0.9.2.2)
    rubyzip (1.1.0)
    selenium-webdriver (2.39.0)
      childprocess (>= 0.2.5)
      multi_json (~> 1.0)
      rubyzip (~> 1.0)
      websocket (~> 1.0.4)
    systemu (2.5.2)
    thor (0.18.1)
    uuid (2.3.6)
      macaddr (~> 1.0)
    websocket (1.0.7)

PLATFORMS
  ruby
  x86-mingw32

DEPENDENCIES
  childprocess (= 0.4.0)
  rake (= 0.9.2.2)
  systemu
  watir-webdriver!
  watirmark!
